GEM
  remote: https://rubygems.org/
  specs:
    chronic_duration (0.10.6)
      numerizer (~> 0.1.1)
    mini_portile2 (2.2.0)
    nokogiri (1.8.0)
      mini_portile2 (~> 2.2.0)
    numerizer (0.1.1)
    sqlite3 (1.3.13)

PLATFORMS
  ruby

DEPENDENCIES
  chronic_duration
  nokogiri
  sqlite3

BUNDLED WITH
   1.11.2
